GEM
  remote: https://rubygems.org/
  specs:
    hamlit (2.8.5)
      temple (>= 0.8.0)
      thor
      tilt
    pdfkit (0.8.2)
    psych (3.0.1)
    temple (0.8.0)
    thor (0.20.0)
    tilt (2.0.8)
    wkhtmltopdf-binary (0.12.3.1)

PLATFORMS
  ruby

DEPENDENCIES
  hamlit
  pdfkit
  psych
  wkhtmltopdf-binary

BUNDLED WITH
   1.16.0
