GEM
  remote: https://rubygems.org/
  specs:
    haml (5.1.2)
      temple (>= 0.8.0)
      tilt
    pdfkit (0.8.4.1)
    psych (3.1.0)
    temple (0.8.1)
    tilt (2.0.9)
    wkhtmltopdf-binary (0.12.4)

PLATFORMS
  ruby

DEPENDENCIES
  haml
  pdfkit
  psych
  wkhtmltopdf-binary

BUNDLED WITH
   1.17.2
